GIT
  remote: https://github.com/openbeer/at-austria.git
  revision: 235a13934250ce6d10def19edf7e705a5f3e996a
  specs:
    beerdb-data-at (99)

GIT
  remote: https://github.com/openbeer/be-belgium.git
  revision: 6f0aeaa729cbf2eba2f790520fb4ea558808a3ba
  specs:
    beerdb-data-be (99)

GIT
  remote: https://github.com/openbeer/ca-canada.git
  revision: ec0545192fe304012ea8ca48e65002c3d084e01f
  specs:
    beerdb-data-ca (99)

GIT
  remote: https://github.com/openbeer/ch-confoederatio-helvetica.git
  revision: 72c8da1971fd39fe7961a615a33d0ddeabf039c2
  specs:
    beerdb-data-ch (99)

GIT
  remote: https://github.com/openbeer/cz-czech-republic.git
  revision: c273648c135e383803f8b27ef396c3b51a3f4b64
  specs:
    beerdb-data-cz (99)

GIT
  remote: https://github.com/openbeer/de-deutschland.git
  revision: 98a916c53f0e561700c859b5bd0b5fd26c61eaf9
  specs:
    beerdb-data-de (99)

GIT
  remote: https://github.com/openbeer/ie-ireland.git
  revision: fe02a2220f62c01e84b7464c30e4c69199d5db78
  specs:
    beerdb-data-ie (99)

GIT
  remote: https://github.com/openbeer/jp-japan.git
  revision: 6b32c993d87d387b4b009874713d826b32417b38
  specs:
    beerdb-data-jp (99)

GIT
  remote: https://github.com/openbeer/mx-mexico.git
  revision: aa149262c325917742563c21bca4999b379b604f
  specs:
    beerdb-data-mx (99)

GIT
  remote: https://github.com/openbeer/nl-netherlands.git
  revision: 7e3b60a2d624f507c4f294df2391adcad76ee3c0
  specs:
    beerdb-data-nl (99)

GIT
  remote: https://github.com/openbeer/us-united-states.git
  revision: 63348b0597e62af441a0d37bfd4d4bea83819333
  specs:
    beerdb-data-us (99)

GIT
  remote: https://github.com/openbeer/world.git
  revision: 1b67f96026f1ccb325a7ea283a71000eb656ccd2
  specs:
    beerdb-data-world (99)

GIT
  remote: https://github.com/openmundi/world.db.git
  revision: cfc7d7f63dafb84ee2a82642b33c46430e721a9b
  specs:
    worlddb-data (99)

GEM
  remote: https://rubygems.org/
  specs:
    about (0.1.0)
      logutils (>= 0.5)
      textutils (>= 0.7)
    actionmailer (3.2.12)
      actionpack (= 3.2.12)
      mail (~> 2.4.4)
    actionpack (3.2.12)
      activemodel (= 3.2.12)
      activesupport (= 3.2.12)
      builder (~> 3.0.0)
      erubis (~> 2.7.0)
      journey (~> 1.0.4)
      rack (~> 1.4.5)
      rack-cache (~> 1.2)
      rack-test (~> 0.6.1)
      sprockets (~> 2.2.1)
    activemodel (3.2.12)
      activesupport (= 3.2.12)
      builder (~> 3.0.0)
    activerecord (3.2.12)
      activemodel (= 3.2.12)
      activesupport (= 3.2.12)
      arel (~> 3.0.2)
      tzinfo (~> 0.3.29)
    activeresource (3.2.12)
      activemodel (= 3.2.12)
      activesupport (= 3.2.12)
    activesupport (3.2.12)
      i18n (~> 0.6)
      multi_json (~> 1.0)
    annotate (2.4.1.beta1)
    arel (3.0.3)
    beerdb (0.9.2)
      activerecord (~> 3.2)
      gli (>= 2.5.6)
      worlddb (~> 1.8)
    beerdb-admin (0.0.1)
    bourbon (1.4.0)
      sass (>= 3.1)
    builder (3.0.4)
    coffee-rails (3.2.2)
      coffee-script (>= 2.2.0)
      railties (~> 3.2.0)
    coffee-script (2.2.0)
      coffee-script-source
      execjs
    coffee-script-source (1.6.3)
    commander (4.1.5)
      highline (~> 1.6.11)
    daemons (1.1.9)
    dbbrowser (0.1.3)
      logutils (>= 0.5)
    erubis (2.7.0)
    eventmachine (1.0.3)
    eventmachine (1.0.3-x86-mingw32)
    execjs (2.0.2)
    gli (2.9.0)
    highline (1.6.20)
    hike (1.2.3)
    i18n (0.6.9)
    journey (1.0.4)
    jquery-rails (3.0.4)
      railties (>= 3.0, < 5.0)
      thor (>= 0.14, < 2.0)
    json (1.8.1)
    logutils (0.6.0)
    mail (2.4.4)
      i18n (>= 0.4.0)
      mime-types (~> 1.16)
      treetop (~> 1.4.8)
    mime-types (1.25.1)
    multi_json (1.8.4)
    pg (0.17.1)
    pg (0.17.1-x86-mingw32)
    polyglot (0.3.3)
    rack (1.4.5)
    rack-cache (1.2)
      rack (>= 0.4)
    rack-protection (1.5.2)
      rack
    rack-ssl (1.3.3)
      rack
    rack-test (0.6.2)
      rack (>= 1.0)
    rails (3.2.12)
      actionmailer (= 3.2.12)
      actionpack (= 3.2.12)
      activerecord (= 3.2.12)
      activeresource (= 3.2.12)
      activesupport (= 3.2.12)
      bundler (~> 1.0)
      railties (= 3.2.12)
    railties (3.2.12)
      actionpack (= 3.2.12)
      activesupport (= 3.2.12)
      rack-ssl (~> 1.3.2)
      rake (>= 0.8.7)
      rdoc (~> 3.4)
      thor (>= 0.14.6, < 2.0)
    rake (10.1.1)
    rdoc (3.12.2)
      json (~> 1.4)
    sass (3.2.13)
    sass-rails (3.2.6)
      railties (~> 3.2.0)
      sass (>= 3.1.10)
      tilt (~> 1.3)
    sinatra (1.4.4)
      rack (~> 1.4)
      rack-protection (~> 1.4)
      tilt (~> 1.3, >= 1.3.4)
    sprockets (2.2.2)
      hike (~> 1.2)
      multi_json (~> 1.0)
      rack (~> 1.0)
      tilt (~> 1.1, != 1.3.0)
    sqlite3 (1.3.8)
    sqlite3 (1.3.8-x86-mingw32)
    textutils (0.8.3)
      logutils (~> 0.5)
    thin (1.6.1)
      daemons (>= 1.0.9)
      eventmachine (>= 1.0.0)
      rack (>= 1.0.0)
    thor (0.18.1)
    tilt (1.4.1)
    treetop (1.4.15)
      polyglot
      polyglot (>= 0.3.1)
    tzinfo (0.3.38)
    uglifier (2.4.0)
      execjs (>= 0.3.0)
      json (>= 1.8.0)
    worlddb (1.8.2)
      activerecord (~> 3.2)
      commander (~> 4.1.3)
      textutils (~> 0.6)
    worlddb-flags (0.1.0)

PLATFORMS
  ruby
  x86-mingw32

DEPENDENCIES
  about
  annotate (~> 2.4.1.beta)
  beerdb (= 0.9.2)
  beerdb-admin
  beerdb-data-at (= 99)!
  beerdb-data-be (= 99)!
  beerdb-data-ca (= 99)!
  beerdb-data-ch (= 99)!
  beerdb-data-cz (= 99)!
  beerdb-data-de (= 99)!
  beerdb-data-ie (= 99)!
  beerdb-data-jp (= 99)!
  beerdb-data-mx (= 99)!
  beerdb-data-nl (= 99)!
  beerdb-data-us (= 99)!
  beerdb-data-world (= 99)!
  bourbon (= 1.4.0)
  coffee-rails (~> 3.2.1)
  dbbrowser
  jquery-rails
  logutils
  pg
  rails (= 3.2.12)
  sass-rails (~> 3.2.3)
  sinatra
  sqlite3
  thin
  uglifier (>= 1.0.3)
  worlddb (= 1.8.2)
  worlddb-data (= 99)!
  worlddb-flags (= 0.1.0)
